GEM
  remote: https://rubygems.org/
  remote: https://rails-assets.org/
  specs:
    haml (4.0.6)
      tilt
    rack (1.6.0)
    rack-protection (1.5.3)
      rack
    sass (3.4.10)
    sinatra (1.4.5)
      rack (~> 1.4)
      rack-protection (~> 1.4)
      tilt (~> 1.3, >= 1.3.4)
    tilt (1.4.1)

PLATFORMS
  ruby

DEPENDENCIES
  haml (~> 4.0.6)
  sass (~> 3.4.10)
  sinatra (~> 1.4.5)
